GEM
  remote: http://rubygems.org/
  specs:
    activesupport (3.1.0)
      multi_json (~> 1.0)
    addressable (2.2.6)
    data_objects (0.10.6)
      addressable (~> 2.1)
    dm-core (1.1.0)
      addressable (~> 2.2.4)
    dm-do-adapter (1.1.0)
      data_objects (~> 0.10.2)
      dm-core (~> 1.1.0)
    dm-migrations (1.1.0)
      dm-core (~> 1.1.0)
    dm-mysql-adapter (1.1.0)
      dm-do-adapter (~> 1.1.0)
      do_mysql (~> 0.10.2)
    do_mysql (0.10.6)
      data_objects (= 0.10.6)
    http_router (0.10.2)
      rack (>= 1.0.0)
      url_mount (~> 0.2.1)
    i18n (0.6.0)
    jsmin (1.0.1)
    multi_json (1.0.3)
    padrino-core (0.10.2)
      activesupport (~> 3.1.0)
      http_router (~> 0.10.2)
      sinatra (~> 1.2.6)
      thor (~> 0.14.3)
      tilt (~> 1.3.0)
    padrino-helpers (0.10.2)
      i18n (~> 0.6)
      padrino-core (= 0.10.2)
    rack (1.3.2)
    rack-test (0.6.1)
      rack (>= 1.0)
    sass (3.1.7)
    sinatra (1.2.6)
      rack (~> 1.1)
      tilt (>= 1.2.2, < 2.0)
    sinatra-assetpack (0.0.6)
      jsmin
      rack-test
      sinatra
    thor (0.14.6)
    tilt (1.3.3)
    url_mount (0.2.1)
      rack

PLATFORMS
  ruby

DEPENDENCIES
  dm-core
  dm-migrations
  dm-mysql-adapter
  padrino-helpers
  sass
  sinatra
  sinatra-assetpack
